{
  "TaskName": "sleep",
  "TaskDescription": "Whole-night sleep recording (telemetry study). Expert-annotated 30-second sleep staging epochs in events.tsv.",
  "Instructions": "Sleep naturally",
  "SamplingFrequency": 100.0,
  "EEGReference": "Fpz-Cz, Pz-Oz (bipolar derivations)",
  "PowerLineFrequency": 50,
  "Manufacturer": "n/a",
  "RecordingType": "continuous",
  "RecordingDuration": 38510.0,
  "EEGChannelCount": 5,
  "EOGChannelCount": 0,
  "EMGChannelCount": 0,
  "MISCChannelCount": 0,
  "HardwareFilters": "n/a",
  "SoftwareVersions": "n/a",
  "DeviceSerialNumber": "n/a",
  "CogAtlasID": "n/a",
  "CogPOID": "n/a",
  "StudyType": "telemetry",
  "OriginalFilename": "ST7151J0-PSG.edf",
  "SoftwareFilters": "n/a"
}
